GEM
  remote: https://rubygems.org/
  specs:
    faraday (0.9.2)
      multipart-post (>= 1.2, < 3)
    faraday-digestauth (0.2.1)
      faraday (~> 0.7)
      net-http-digest_auth (~> 1.4)
    faraday_hal_middleware (0.0.1)
      faraday_middleware (>= 0.9, < 0.10)
    faraday_middleware (0.9.2)
      faraday (>= 0.7.4, < 0.10)
    futuroscope (0.1.11)
    hyperclient (0.8.6)
      faraday (>= 0.9.0)
      faraday-digestauth
      faraday_hal_middleware
      faraday_middleware
      futuroscope
      net-http-digest_auth
      uri_template
    json (2.1.0)
    multipart-post (2.0.0)
    net-http-digest_auth (1.4.1)
    uri_template (0.7.0)

PLATFORMS
  ruby

DEPENDENCIES
  hyperclient
  json

BUNDLED WITH
   1.16.0.pre.3
